GEM
  remote: https://rubygems.org/
  specs:
    byebug (11.1.3)
    colorize (1.1.0)

PLATFORMS
  ruby
  x86_64-linux

DEPENDENCIES
  byebug (~> 11.1, >= 11.1.3)
  colorize (~> 1.1)

BUNDLED WITH
   2.6.2
